GEM
  remote: https://rubygems.org/
  specs:
    awesome_print (1.9.2)
    pg (1.4.0-x64-mingw32)
    sqlite3 (1.3.13-x64-mingw32)

PLATFORMS
  x64-mingw32

DEPENDENCIES
  awesome_print
  pg
  sqlite3 (< 1.4)

BUNDLED WITH
   2.2.33
